GEM
  remote: https://rubygems.org/
  specs:
    coderay (1.1.3)
    method_source (1.1.0)
    pry (0.15.2)
      coderay (~> 1.1)
      method_source (~> 1.0)
    zeitwerk (2.7.3)

PLATFORMS
  ruby

DEPENDENCIES
  pry
  zeitwerk

RUBY VERSION
   ruby 3.2.1p31

BUNDLED WITH
   2.5.18
